PATH
  remote: .
  specs:
    bucketface (0.3.1)
      hashie (~> 0.3.0)
      httparty (~> 0.6.1)

GEM
  remote: http://rubygems.org/
  specs:
    crack (0.1.8)
    fakeweb (1.3.0)
    hashie (0.3.1)
    httparty (0.6.1)
      crack (= 0.1.8)
    jnunemaker-matchy (0.4.0)
    mini_shoulda (0.1.0)
      minitest (~> 2.0.2)
    minitest (2.0.2)
    mocha (0.9.10)
      rake
    rake (0.8.7)

PLATFORMS
  ruby

DEPENDENCIES
  bucketface!
  fakeweb (~> 1.3)
  jnunemaker-matchy (~> 0.4.0)
  mini_shoulda
  mocha (~> 0.9)
