PATH
  remote: .
  specs:
    bucketface (0.3.1)
      hashie (~> 0.3.0)
      httparty (~> 0.6.1)

GEM
  remote: http://rubygems.org/
  specs:
    crack (0.1.8)
    diff-lcs (1.1.3)
    fakeweb (1.3.0)
    hashie (0.3.1)
    httparty (0.6.1)
      crack (= 0.1.8)
    jnunemaker-matchy (0.4.0)
    mocha (0.9.10)
      rake
    rake (0.8.7)
    rspec (2.11.0)
      rspec-core (~> 2.11.0)
      rspec-expectations (~> 2.11.0)
      rspec-mocks (~> 2.11.0)
    rspec-core (2.11.1)
    rspec-expectations (2.11.1)
      diff-lcs (~> 1.1.3)
    rspec-mocks (2.11.1)

PLATFORMS
  ruby

DEPENDENCIES
  bucketface!
  fakeweb (~> 1.3)
  jnunemaker-matchy (~> 0.4.0)
  mocha (~> 0.9)
  rspec (~> 2.11)
